GEM
  remote: https://rubygems.org/
  specs:
    amq-protocol (2.0.1)
    bunny (2.2.1)
      amq-protocol (>= 2.0.0)

PLATFORMS
  ruby

DEPENDENCIES
  bunny (= 2.2.1)

BUNDLED WITH
   1.10.6
